GEM
  remote: https://rubygems.org/
  specs:
    albino (1.3.3)
      posix-spawn (>= 0.3.6)
    classifier (1.4.4)
      fast-stemmer (~> 1.0)
      mutex_m (~> 0.2)
      rake
    directory_watcher (1.5.1)
    fast-stemmer (1.0.2)
    jekyll (0.11.0)
      albino (>= 1.3.2)
      classifier (>= 1.3.1)
      directory_watcher (>= 1.1.1)
      kramdown (>= 0.13.2)
      liquid (>= 1.9.0)
      maruku (>= 0.5.9)
    kramdown (2.5.1)
      rexml (>= 3.3.9)
    liquid (5.3.0)
    maruku (0.7.3)
    mutex_m (0.3.0)
    posix-spawn (0.3.15)
    rake (13.3.0)
    rexml (3.4.1)

PLATFORMS
  aarch64-linux
  aarch64-linux
  aarch64-linux-android
  aarch64-linux-musl
  aarch64-unknown
  arm-linux
  arm-linux
  arm-linux-androideabi
  arm-linux-musl
  arm-linux-musleabihf
  arm64-darwin
  riscv64-linux
  riscv64-linux-android
  riscv64-linux-musl
  ruby
  x86-cygwin
  x86-linux
  x86-linux
  x86-linux-android
  x86-linux-musl
  x86-unknown
  x86_64-cygwin
  x86_64-darwin
  x86_64-linux
  x86_64-linux
  x86_64-linux-android
  x86_64-linux-musl

DEPENDENCIES
  jekyll

BUNDLED WITH
   2.4.22
